{
  "PowerLineFrequency": 50,
  "SoftwareFilters": {
    "FilterDescription": {
      "Description": "n/a"
    }
  },
  "EEGReference": "Between Cz and CPz",
  "CapManufacturersModelName": "Quick-Cap 64",
  "CapManufacturer": "Neuroscan",
  "SoftwareVersions": "CURRY 8",
  "ManufacturersModelName": "SynAmps RT",
  "Manufacturer": "Neuroscan",
  "EEGPlacementScheme": "10-20",
  "InstitutionalDepartmentName": "Social Neuroscience Lab",
  "InstitutionName": "Institute of Psychology, Polish Academy of Sciences",
  "TaskName": "DotProbe",
  "EEGChannelCount": 68,
  "RecordingType": "continuous",
  "RecordingDuration": 1417.001,
  "SamplingFrequency": 1000,
  "EOGChannelCount": 0,
  "ECGChannelCount": 0,
  "EMGChannelCount": 0
}